RESTRICTION: || (== net472) (== netcoreapp3.1)
NUGET
  remote: https://www.nuget.org/api/v2
    AdvancedStringBuilder (0.1)
    AjaxMin (5.14.5506.26202)
    Castle.Core (4.4.1)
      NETStandard.Library (>= 1.6.1) - restriction: || (&& (== net472) (< net35)) (== netcoreapp3.1)
      System.Collections.Specialized (>= 4.3) - restriction: || (&& (== net472) (< net35)) (== netcoreapp3.1)
      System.ComponentModel (>= 4.3) - restriction: || (&& (== net472) (< net35)) (== netcoreapp3.1)
      System.ComponentModel.TypeConverter (>= 4.3) - restriction: || (&& (== net472) (< net35)) (== netcoreapp3.1)
      System.Diagnostics.TraceSource (>= 4.3) - restriction: || (&& (== net472) (< net35)) (== netcoreapp3.1)
      System.Dynamic.Runtime (>= 4.3) - restriction: || (&& (== net472) (< net35)) (== netcoreapp3.1)
      System.Reflection (>= 4.3) - restriction: || (&& (== net472) (< net35)) (== netcoreapp3.1)
      System.Reflection.Emit (>= 4.3) - restriction: || (&& (== net472) (< net35)) (== netcoreapp3.1)
      System.Reflection.TypeExtensions (>= 4.3) - restriction: || (&& (== net472) (< net35)) (== netcoreapp3.1)
      System.Xml.XmlDocument (>= 4.3) - restriction: || (&& (== net472) (< net35)) (== netcoreapp3.1)
    dotless.Core (1.6.7)
      Microsoft.Extensions.DependencyInjection (>= 2.1.1)
      System.Drawing.Common (>= 4.5) - restriction: || (&& (== net472) (< net45)) (== netcoreapp3.1)
    EcmaScript.NET (2.0)
      System.Reflection.Emit (>= 4.3)
    Humanizer.Core (2.8.26)
    JavaScriptEngineSwitcher.Core (3.3)
      AdvancedStringBuilder (>= 0.1)
    JavaScriptEngineSwitcher.Msie (3.4.3)
      JavaScriptEngineSwitcher.Core (>= 3.3)
      MsieJavaScriptEngine (>= 3.0.7)
    JSPool (4.0)
      JavaScriptEngineSwitcher.Core (>= 3.0)
    libsassnetstandard (3.3.8) - import_targets: true
    Microsoft.AspNetCore.Diagnostics (2.2)
      Microsoft.AspNetCore.Diagnostics.Abstractions (>= 2.2)
      Microsoft.AspNetCore.Hosting.Abstractions (>= 2.2)
      Microsoft.AspNetCore.Http.Extensions (>= 2.2)
      Microsoft.AspNetCore.WebUtilities (>= 2.2)
      Microsoft.Extensions.FileProviders.Physical (>= 2.2)
      Microsoft.Extensions.Logging.Abstractions (>= 2.2)
      Microsoft.Extensions.Options (>= 2.2)
      System.Diagnostics.DiagnosticSource (>= 4.5)
      System.Reflection.Metadata (>= 1.6)
    Microsoft.AspNetCore.Diagnostics.Abstractions (2.2)
    Microsoft.AspNetCore.Hosting.Abstractions (2.2)
      Microsoft.AspNetCore.Hosting.Server.Abstractions (>= 2.2)
      Microsoft.AspNetCore.Http.Abstractions (>= 2.2)
      Microsoft.Extensions.Hosting.Abstractions (>= 2.2)
    Microsoft.AspNetCore.Hosting.Server.Abstractions (2.2)
      Microsoft.AspNetCore.Http.Features (>= 2.2)
      Microsoft.Extensions.Configuration.Abstractions (>= 2.2)
    Microsoft.AspNetCore.Html.Abstractions (2.2)
      System.Text.Encodings.Web (>= 4.5)
    Microsoft.AspNetCore.Http (2.2.2)
      Microsoft.AspNetCore.Http.Abstractions (>= 2.2)
      Microsoft.AspNetCore.WebUtilities (>= 2.2)
      Microsoft.Extensions.ObjectPool (>= 2.2)
      Microsoft.Extensions.Options (>= 2.2)
      Microsoft.Net.Http.Headers (>= 2.2)
    Microsoft.AspNetCore.Http.Abstractions (2.2)
      Microsoft.AspNetCore.Http.Features (>= 2.2)
      System.Text.Encodings.Web (>= 4.5)
    Microsoft.AspNetCore.Http.Extensions (2.2)
      Microsoft.AspNetCore.Http.Abstractions (>= 2.2)
      Microsoft.Extensions.FileProviders.Abstractions (>= 2.2)
      Microsoft.Net.Http.Headers (>= 2.2)
      System.Buffers (>= 4.5)
    Microsoft.AspNetCore.Http.Features (5.0.2)
      Microsoft.Extensions.Primitives (>= 5.0)
      System.IO.Pipelines (>= 5.0.1)
    Microsoft.AspNetCore.Mvc.Razor.Extensions (5.0.2)
      Microsoft.AspNetCore.Razor.Language (>= 5.0.2)
      Microsoft.CodeAnalysis.Razor (>= 5.0.2)
    Microsoft.AspNetCore.Razor (2.2)
      Microsoft.AspNetCore.Html.Abstractions (>= 2.2)
    Microsoft.AspNetCore.Razor.Language (5.0.2)
    Microsoft.AspNetCore.Razor.Runtime (2.2)
      Microsoft.AspNetCore.Html.Abstractions (>= 2.2)
      Microsoft.AspNetCore.Razor (>= 2.2)
    Microsoft.AspNetCore.WebUtilities (2.2)
      Microsoft.Net.Http.Headers (>= 2.2)
      System.Text.Encodings.Web (>= 4.5)
    Microsoft.Bcl.AsyncInterfaces (5.0)
      System.Threading.Tasks.Extensions (>= 4.5.4) - restriction: || (== net472) (&& (== netcoreapp3.1) (>= net461)) (&& (== netcoreapp3.1) (< netcoreapp2.1) (< netstandard2.1))
    Microsoft.CodeAnalysis (3.8)
      Microsoft.CodeAnalysis.CSharp.Workspaces (3.8)
      Microsoft.CodeAnalysis.VisualBasic.Workspaces (3.8)
    Microsoft.CodeAnalysis.Analyzers (3.3.2)
    Microsoft.CodeAnalysis.Common (3.8)
      Microsoft.CodeAnalysis.Analyzers (>= 3.0)
      System.Collections.Immutable (>= 5.0)
      System.Memory (>= 4.5.4)
      System.Reflection.Metadata (>= 5.0)
      System.Runtime.CompilerServices.Unsafe (>= 4.7.1)
      System.Text.Encoding.CodePages (>= 4.5.1)
      System.Threading.Tasks.Extensions (>= 4.5.4)
    Microsoft.CodeAnalysis.CSharp (3.8)
      Microsoft.CodeAnalysis.Common (3.8)
    Microsoft.CodeAnalysis.CSharp.Workspaces (3.8)
      Humanizer.Core (>= 2.2)
      Microsoft.CodeAnalysis.Common (3.8)
      Microsoft.CodeAnalysis.CSharp (3.8)
      Microsoft.CodeAnalysis.Workspaces.Common (3.8)
    Microsoft.CodeAnalysis.Razor (5.0.2)
      Microsoft.AspNetCore.Razor.Language (>= 5.0.2)
      Microsoft.CodeAnalysis.Common (>= 3.8)
      Microsoft.CodeAnalysis.CSharp (>= 3.8)
    Microsoft.CodeAnalysis.VisualBasic (3.8)
      Microsoft.CodeAnalysis.Common (3.8)
    Microsoft.CodeAnalysis.VisualBasic.Workspaces (3.8)
      Microsoft.CodeAnalysis.Common (3.8)
      Microsoft.CodeAnalysis.VisualBasic (3.8)
      Microsoft.CodeAnalysis.Workspaces.Common (3.8)
    Microsoft.CodeAnalysis.Workspaces.Common (3.8)
      Microsoft.Bcl.AsyncInterfaces (>= 1.1.1)
      Microsoft.CodeAnalysis.Common (3.8)
      System.Composition (>= 1.0.31)
    Microsoft.CodeCoverage (16.8.3)
    Microsoft.CSharp (4.7)
    Microsoft.Extensions.Configuration.Abstractions (5.0)
      Microsoft.Extensions.Primitives (>= 5.0)
      System.ValueTuple (>= 4.5) - restriction: || (== net472) (&& (== netcoreapp3.1) (>= net461))
    Microsoft.Extensions.DependencyInjection (5.0.1)
      Microsoft.Bcl.AsyncInterfaces (>= 5.0) - restriction: || (== net472) (&& (== netcoreapp3.1) (>= net461)) (&& (== netcoreapp3.1) (< netstandard2.1))
      Microsoft.Extensions.DependencyInjection.Abstractions (>= 5.0)
      System.Threading.Tasks.Extensions (>= 4.5.4) - restriction: || (== net472) (&& (== netcoreapp3.1) (>= net461)) (&& (== netcoreapp3.1) (< netcoreapp2.1) (< netstandard2.1))
    Microsoft.Extensions.DependencyInjection.Abstractions (5.0)
    Microsoft.Extensions.DependencyModel (5.0) - restriction: || (&& (== net472) (< net40)) (== netcoreapp3.1)
      System.Text.Encodings.Web (>= 5.0)
      System.Text.Json (>= 5.0)
    Microsoft.Extensions.FileProviders.Abstractions (5.0)
      Microsoft.Extensions.Primitives (>= 5.0)
    Microsoft.Extensions.FileProviders.Physical (5.0)
      Microsoft.Extensions.FileProviders.Abstractions (>= 5.0)
      Microsoft.Extensions.FileSystemGlobbing (>= 5.0)
      Microsoft.Extensions.Primitives (>= 5.0)
      System.Security.Cryptography.Algorithms (>= 4.3.1) - restriction: || (== net472) (&& (== netcoreapp3.1) (>= net461))
    Microsoft.Extensions.FileSystemGlobbing (5.0)
    Microsoft.Extensions.Hosting.Abstractions (5.0)
      Microsoft.Bcl.AsyncInterfaces (>= 5.0) - restriction: || (== net472) (&& (== netcoreapp3.1) (>= net461)) (&& (== netcoreapp3.1) (< netstandard2.1))
      Microsoft.Extensions.Configuration.Abstractions (>= 5.0)
      Microsoft.Extensions.DependencyInjection.Abstractions (>= 5.0)
      Microsoft.Extensions.FileProviders.Abstractions (>= 5.0)
      System.Threading.Tasks.Extensions (>= 4.5.4) - restriction: || (== net472) (&& (== netcoreapp3.1) (>= net461)) (&& (== netcoreapp3.1) (< netcoreapp2.1) (< netstandard2.1))
    Microsoft.Extensions.Logging.Abstractions (5.0)
    Microsoft.Extensions.ObjectPool (5.0.2)
    Microsoft.Extensions.Options (5.0)
      Microsoft.Extensions.DependencyInjection.Abstractions (>= 5.0)
      Microsoft.Extensions.Primitives (>= 5.0)
    Microsoft.Extensions.Primitives (5.0)
      System.Buffers (>= 4.5.1) - restriction: || (== net472) (&& (== netcoreapp3.1) (>= monotouch)) (&& (== netcoreapp3.1) (>= net461)) (&& (== netcoreapp3.1) (< netcoreapp2.0)) (&& (== netcoreapp3.1) (>= xamarinios)) (&& (== netcoreapp3.1) (>= xamarinmac)) (&& (== netcoreapp3.1) (>= xamarintvos)) (&& (== netcoreapp3.1) (>= xamarinwatchos))
      System.Memory (>= 4.5.4) - restriction: || (== net472) (&& (== netcoreapp3.1) (>= net461)) (&& (== netcoreapp3.1) (< netcoreapp2.0)) (&& (== netcoreapp3.1) (< netcoreapp2.1)) (&& (== netcoreapp3.1) (>= uap10.1))
      System.Runtime.CompilerServices.Unsafe (>= 5.0) - restriction: || (== net472) (&& (== netcoreapp3.1) (>= monotouch)) (&& (== netcoreapp3.1) (>= net461)) (&& (== netcoreapp3.1) (< netcoreapp2.0)) (&& (== netcoreapp3.1) (< netcoreapp2.1)) (&& (== netcoreapp3.1) (< netcoreapp3.0)) (&& (== netcoreapp3.1) (>= uap10.1)) (&& (== netcoreapp3.1) (>= xamarinios)) (&& (== netcoreapp3.1) (>= xamarinmac)) (&& (== netcoreapp3.1) (>= xamarintvos)) (&& (== netcoreapp3.1) (>= xamarinwatchos))
    Microsoft.Net.Http.Headers (2.2.8)
      Microsoft.Extensions.Primitives (>= 2.2)
      System.Buffers (>= 4.5)
    Microsoft.NET.Test.Sdk (16.8.3)
      Microsoft.CodeCoverage (>= 16.8.3)
      Microsoft.TestPlatform.TestHost (>= 16.8.3) - restriction: || (&& (== net472) (>= netcoreapp2.1)) (== netcoreapp3.1)
    Microsoft.NETCore.Platforms (5.0) - restriction: || (&& (== net472) (>= netcoreapp2.0)) (&& (== net472) (>= netcoreapp3.0)) (== netcoreapp3.1)
    Microsoft.NETCore.Targets (5.0) - restriction: || (&& (== net472) (< net35)) (== netcoreapp3.1)
    Microsoft.TestPlatform.ObjectModel (16.8.3) - restriction: || (&& (== net472) (>= netcoreapp2.1)) (== netcoreapp3.1)
      NuGet.Frameworks (>= 5.0)
      System.Reflection.Metadata (>= 1.6)
      System.Runtime.InteropServices.RuntimeInformation (>= 4.0)
    Microsoft.TestPlatform.TestHost (16.8.3) - restriction: || (&& (== net472) (>= netcoreapp2.1)) (== netcoreapp3.1)
      Microsoft.TestPlatform.ObjectModel (>= 16.8.3) - restriction: || (&& (== net472) (>= netcoreapp2.1)) (&& (== net472) (>= uap10.0)) (== netcoreapp3.1)
      Newtonsoft.Json (>= 9.0.1) - restriction: || (&& (== net472) (>= netcoreapp2.1)) (&& (== net472) (>= uap10.0)) (== netcoreapp3.1)
    Microsoft.Win32.SystemEvents (5.0) - restriction: || (&& (== net472) (>= netcoreapp2.0)) (&& (== net472) (>= netcoreapp3.0)) (== netcoreapp3.1)
      Microsoft.NETCore.Platforms (>= 5.0) - restriction: || (&& (== net472) (>= netcoreapp2.0)) (== netcoreapp3.1)
    MsieJavaScriptEngine (3.0.7)
      AdvancedStringBuilder (>= 0.1)
    MuonLab.Validation (3.0.23)
    NanoIoC (2.5.43)
      Microsoft.Extensions.DependencyInjection.Abstractions
    NETStandard.Library (2.0.3) - restriction: || (&& (== net472) (< net452)) (== netcoreapp3.1)
      Microsoft.NETCore.Platforms (>= 1.1)
    Newtonsoft.Json (12.0.3)
    NSubstitute (4.2.2)
      Castle.Core (>= 4.4)
      System.Threading.Tasks.Extensions (>= 4.3)
    NuGet.Frameworks (5.8.1) - restriction: || (&& (== net472) (>= netcoreapp2.1)) (== netcoreapp3.1)
    NUglify (1.13.2)
    React.Core (5.2.11)
      JavaScriptEngineSwitcher.Core (>= 3.1)
      JSPool (>= 4.0)
      Microsoft.Extensions.DependencyModel (>= 2.1) - restriction: || (&& (== net472) (< net40)) (== netcoreapp3.1)
      Newtonsoft.Json (>= 12.0.3)
    runtime.native.System (4.3.1) - restriction: || (&& (== net472) (< net35)) (== netcoreapp3.1)
      Microsoft.NETCore.Platforms (>= 1.1.1)
      Microsoft.NETCore.Targets (>= 1.1.3)
    Serilog (2.10)
    Serilog.Exceptions (6.0)
      Serilog (>= 2.8)
      System.Reflection.TypeExtensions (>= 4.7) - restriction: || (&& (== net472) (< net461)) (&& (== net472) (>= net50)) (== netcoreapp3.1)
    SourceMapToolkit (1.1.4)
      AjaxMin (>= 5.14.5506.26202)
      Newtonsoft.Json (>= 9.0.1)
    System.Buffers (4.5.1)
    System.Collections (4.3) - restriction: || (&& (== net472) (< net35)) (== netcoreapp3.1)
      Microsoft.NETCore.Platforms (>= 1.1) - restriction: || (&& (== net472) (< net45)) (== netcoreapp3.1)
      Microsoft.NETCore.Targets (>= 1.1) - restriction: || (&& (== net472) (< net45)) (== netcoreapp3.1)
      System.Runtime (>= 4.3) - restriction: || (&& (== net472) (< net45)) (== netcoreapp3.1)
    System.Collections.Immutable (5.0)
      System.Memory (>= 4.5.4) - restriction: || (== net472) (&& (== netcoreapp3.1) (>= net461)) (&& (== netcoreapp3.1) (< netcoreapp2.1)) (&& (== netcoreapp3.1) (< netstandard2.0)) (&& (== netcoreapp3.1) (>= uap10.1))
    System.Collections.NonGeneric (4.3) - restriction: || (&& (== net472) (< net35)) (== netcoreapp3.1)
      System.Diagnostics.Debug (>= 4.3) - restriction: || (&& (== net472) (< net46)) (== netcoreapp3.1)
      System.Globalization (>= 4.3) - restriction: || (&& (== net472) (< net46)) (== netcoreapp3.1)
      System.Resources.ResourceManager (>= 4.3) - restriction: || (&& (== net472) (< net46)) (== netcoreapp3.1)
      System.Runtime (>= 4.3) - restriction: || (&& (== net472) (< net46)) (== netcoreapp3.1)
      System.Runtime.Extensions (>= 4.3) - restriction: || (&& (== net472) (< net46)) (== netcoreapp3.1)
      System.Threading (>= 4.3) - restriction: || (&& (== net472) (< net46)) (== netcoreapp3.1)
    System.Collections.Specialized (4.3) - restriction: || (&& (== net472) (< net35)) (== netcoreapp3.1)
      System.Collections.NonGeneric (>= 4.3) - restriction: || (&& (== net472) (< net46)) (== netcoreapp3.1)
      System.Globalization (>= 4.3) - restriction: || (&& (== net472) (< net46)) (== netcoreapp3.1)
      System.Globalization.Extensions (>= 4.3) - restriction: || (&& (== net472) (< net46)) (== netcoreapp3.1)
      System.Resources.ResourceManager (>= 4.3) - restriction: || (&& (== net472) (< net46)) (== netcoreapp3.1)
      System.Runtime (>= 4.3) - restriction: || (&& (== net472) (< net46)) (== netcoreapp3.1)
      System.Runtime.Extensions (>= 4.3) - restriction: || (&& (== net472) (< net46)) (== netcoreapp3.1)
      System.Threading (>= 4.3) - restriction: || (&& (== net472) (< net46)) (== netcoreapp3.1)
    System.ComponentModel (4.3) - restriction: || (&& (== net472) (< net35)) (== netcoreapp3.1)
      System.Runtime (>= 4.3) - restriction: || (&& (== net472) (< net45)) (== netcoreapp3.1)
    System.ComponentModel.Primitives (4.3) - restriction: || (&& (== net472) (< net35)) (&& (== net472) (< netstandard1.0) (>= win8)) (&& (== net472) (>= wp8)) (&& (== net472) (>= wpa81)) (== netcoreapp3.1)
      System.ComponentModel (>= 4.3) - restriction: || (&& (== net472) (< net45)) (== netcoreapp3.1)
      System.Resources.ResourceManager (>= 4.3) - restriction: || (&& (== net472) (< net45)) (== netcoreapp3.1)
      System.Runtime (>= 4.3) - restriction: || (&& (== net472) (< net45)) (== netcoreapp3.1)
    System.ComponentModel.TypeConverter (4.3) - restriction: || (&& (== net472) (< net35)) (== netcoreapp3.1)
      System.Collections (>= 4.3) - restriction: || (&& (== net472) (< net45)) (== netcoreapp3.1)
      System.Collections.NonGeneric (>= 4.3)
      System.Collections.Specialized (>= 4.3) - restriction: || (&& (== net472) (< net45)) (== netcoreapp3.1)
      System.ComponentModel (>= 4.3) - restriction: || (&& (== net472) (< net45)) (== netcoreapp3.1)
      System.ComponentModel.Primitives (>= 4.3)
      System.Globalization (>= 4.3) - restriction: || (&& (== net472) (< net45)) (== netcoreapp3.1)
      System.Linq (>= 4.3) - restriction: || (&& (== net472) (< net45)) (== netcoreapp3.1)
      System.Reflection (>= 4.3) - restriction: || (&& (== net472) (< net45)) (== netcoreapp3.1)
      System.Reflection.Extensions (>= 4.3) - restriction: || (&& (== net472) (< net45)) (== netcoreapp3.1)
      System.Reflection.Primitives (>= 4.3) - restriction: || (&& (== net472) (< net45)) (== netcoreapp3.1)
      System.Reflection.TypeExtensions (>= 4.3) - restriction: || (&& (== net472) (< net45)) (== netcoreapp3.1)
      System.Resources.ResourceManager (>= 4.3) - restriction: || (&& (== net472) (< net45)) (== netcoreapp3.1)
      System.Runtime (>= 4.3) - restriction: || (&& (== net472) (< net45)) (== netcoreapp3.1)
      System.Runtime.Extensions (>= 4.3) - restriction: || (&& (== net472) (< net45)) (== netcoreapp3.1)
      System.Threading (>= 4.3) - restriction: || (&& (== net472) (< net45)) (== netcoreapp3.1)
    System.Composition (5.0.1)
      System.Composition.AttributedModel (>= 5.0.1)
      System.Composition.Convention (>= 5.0.1)
      System.Composition.Hosting (>= 5.0.1)
      System.Composition.Runtime (>= 5.0.1)
      System.Composition.TypedParts (>= 5.0.1)
    System.Composition.AttributedModel (5.0.1)
    System.Composition.Convention (5.0.1)
      System.Composition.AttributedModel (>= 5.0)
    System.Composition.Hosting (5.0.1)
      System.Composition.Runtime (>= 5.0)
    System.Composition.Runtime (5.0.1)
    System.Composition.TypedParts (5.0.1)
      System.Composition.AttributedModel (>= 5.0)
      System.Composition.Hosting (>= 5.0)
      System.Composition.Runtime (>= 5.0)
    System.Diagnostics.Debug (4.3) - restriction: || (&& (== net472) (< net35)) (== netcoreapp3.1)
      Microsoft.NETCore.Platforms (>= 1.1) - restriction: || (&& (== net472) (< net45)) (== netcoreapp3.1)
      Microsoft.NETCore.Targets (>= 1.1) - restriction: || (&& (== net472) (< net45)) (== netcoreapp3.1)
      System.Runtime (>= 4.3) - restriction: || (&& (== net472) (< net45)) (== netcoreapp3.1)
    System.Diagnostics.DiagnosticSource (5.0.1)
      System.Memory (>= 4.5.4) - restriction: || (== net472) (&& (== netcoreapp3.1) (>= net45) (< netstandard1.3)) (&& (== netcoreapp3.1) (>= net46)) (&& (== netcoreapp3.1) (< netcoreapp2.1)) (&& (== netcoreapp3.1) (< netstandard2.0)) (&& (== netcoreapp3.1) (>= uap10.1))
      System.Runtime.CompilerServices.Unsafe (>= 5.0) - restriction: || (== net472) (&& (== netcoreapp3.1) (>= monotouch)) (&& (== netcoreapp3.1) (>= net45) (< netstandard1.3)) (&& (== netcoreapp3.1) (>= net46)) (&& (== netcoreapp3.1) (< netcoreapp2.1)) (&& (== netcoreapp3.1) (< netcoreapp3.0)) (&& (== netcoreapp3.1) (< netstandard2.0)) (&& (== netcoreapp3.1) (>= uap10.1))
    System.Diagnostics.TraceSource (4.3) - restriction: || (&& (== net472) (< net35)) (== netcoreapp3.1)
      Microsoft.NETCore.Platforms (>= 1.1) - restriction: || (&& (== net472) (< net46)) (== netcoreapp3.1)
      runtime.native.System (>= 4.3) - restriction: || (&& (== net472) (< net46)) (== netcoreapp3.1)
      System.Collections (>= 4.3) - restriction: || (&& (== net472) (< net46)) (== netcoreapp3.1)
      System.Diagnostics.Debug (>= 4.3) - restriction: || (&& (== net472) (< net46)) (== netcoreapp3.1)
      System.Globalization (>= 4.3) - restriction: || (&& (== net472) (< net46)) (== netcoreapp3.1)
      System.Resources.ResourceManager (>= 4.3) - restriction: || (&& (== net472) (< net46)) (== netcoreapp3.1)
      System.Runtime (>= 4.3) - restriction: || (&& (== net472) (< net46)) (== netcoreapp3.1)
      System.Runtime.Extensions (>= 4.3) - restriction: || (&& (== net472) (< net46)) (== netcoreapp3.1)
      System.Threading (>= 4.3) - restriction: || (&& (== net472) (< net46)) (== netcoreapp3.1)
    System.Drawing.Common (5.0) - restriction: || (&& (== net472) (< net45)) (== netcoreapp3.1)
      Microsoft.Win32.SystemEvents (>= 5.0) - restriction: || (&& (== net472) (>= netcoreapp2.0)) (&& (== net472) (>= netcoreapp3.0)) (== netcoreapp3.1)
    System.Dynamic.Runtime (4.3) - restriction: || (&& (== net472) (< net35)) (== netcoreapp3.1)
      System.Collections (>= 4.3) - restriction: || (&& (== net472) (< net45)) (== netcoreapp3.1)
      System.Diagnostics.Debug (>= 4.3) - restriction: || (&& (== net472) (< net45)) (== netcoreapp3.1)
      System.Linq (>= 4.3) - restriction: || (&& (== net472) (< net45)) (== netcoreapp3.1)
      System.Linq.Expressions (>= 4.3) - restriction: || (&& (== net472) (< net45)) (== netcoreapp3.1)
      System.ObjectModel (>= 4.3) - restriction: || (&& (== net472) (< net45)) (== netcoreapp3.1)
      System.Reflection (>= 4.3) - restriction: || (&& (== net472) (< net45)) (== netcoreapp3.1)
      System.Reflection.Emit (>= 4.3) - restriction: || (&& (== net472) (< net45)) (== netcoreapp3.1)
      System.Reflection.Emit.ILGeneration (>= 4.3) - restriction: || (&& (== net472) (< net45)) (== netcoreapp3.1)
      System.Reflection.Primitives (>= 4.3) - restriction: || (&& (== net472) (< net45)) (== netcoreapp3.1)
      System.Reflection.TypeExtensions (>= 4.3) - restriction: || (&& (== net472) (< net45)) (== netcoreapp3.1)
      System.Resources.ResourceManager (>= 4.3) - restriction: || (&& (== net472) (< net45)) (== netcoreapp3.1)
      System.Runtime (>= 4.3) - restriction: || (&& (== net472) (< net45)) (== netcoreapp3.1)
      System.Runtime.Extensions (>= 4.3) - restriction: || (&& (== net472) (< net45)) (== netcoreapp3.1)
      System.Threading (>= 4.3) - restriction: || (&& (== net472) (< net45)) (== netcoreapp3.1)
    System.Globalization (4.3) - restriction: || (&& (== net472) (< net35)) (== netcoreapp3.1)
      Microsoft.NETCore.Platforms (>= 1.1) - restriction: || (&& (== net472) (< net45)) (== netcoreapp3.1)
      Microsoft.NETCore.Targets (>= 1.1) - restriction: || (&& (== net472) (< net45)) (== netcoreapp3.1)
      System.Runtime (>= 4.3) - restriction: || (&& (== net472) (< net45)) (== netcoreapp3.1)
    System.Globalization.Extensions (4.3) - restriction: || (&& (== net472) (< net35)) (== netcoreapp3.1)
      Microsoft.NETCore.Platforms (>= 1.1) - restriction: || (&& (== net472) (< net46)) (== netcoreapp3.1)
      System.Globalization (>= 4.3) - restriction: || (&& (== net472) (< net46)) (== netcoreapp3.1)
      System.Resources.ResourceManager (>= 4.3) - restriction: || (&& (== net472) (< net46)) (== netcoreapp3.1)
      System.Runtime (>= 4.3) - restriction: || (&& (== net472) (< net46)) (== netcoreapp3.1)
      System.Runtime.Extensions (>= 4.3) - restriction: || (&& (== net472) (< net46)) (== netcoreapp3.1)
      System.Runtime.InteropServices (>= 4.3) - restriction: || (&& (== net472) (< net46)) (== netcoreapp3.1)
    System.IO (4.3)
      Microsoft.NETCore.Platforms (>= 1.1) - restriction: || (&& (== net472) (< net45)) (== netcoreapp3.1)
      Microsoft.NETCore.Targets (>= 1.1) - restriction: || (&& (== net472) (< net45)) (== netcoreapp3.1)
      System.Runtime (>= 4.3) - restriction: || (&& (== net472) (< net45)) (== netcoreapp3.1)
      System.Text.Encoding (>= 4.3) - restriction: || (&& (== net472) (< net45)) (== netcoreapp3.1)
      System.Threading.Tasks (>= 4.3) - restriction: || (&& (== net472) (< net45)) (== netcoreapp3.1)
    System.IO.FileSystem (4.3) - restriction: || (&& (== net472) (< net35)) (== netcoreapp3.1)
      Microsoft.NETCore.Platforms (>= 1.1) - restriction: || (&& (== net472) (< net46)) (== netcoreapp3.1)
      Microsoft.NETCore.Targets (>= 1.1) - restriction: || (&& (== net472) (< net46)) (== netcoreapp3.1)
      System.IO (>= 4.3) - restriction: || (&& (== net472) (< net46)) (== netcoreapp3.1)
      System.IO.FileSystem.Primitives (>= 4.3)
      System.Runtime (>= 4.3) - restriction: || (&& (== net472) (< net46)) (== netcoreapp3.1)
      System.Runtime.Handles (>= 4.3) - restriction: || (&& (== net472) (< net46)) (== netcoreapp3.1)
      System.Text.Encoding (>= 4.3) - restriction: || (&& (== net472) (< net46)) (== netcoreapp3.1)
      System.Threading.Tasks (>= 4.3) - restriction: || (&& (== net472) (< net46)) (== netcoreapp3.1)
    System.IO.FileSystem.Primitives (4.3) - restriction: || (&& (== net472) (< net35)) (== netcoreapp3.1)
      System.Runtime (>= 4.3) - restriction: || (&& (== net472) (< net46)) (== netcoreapp3.1)
    System.IO.Pipelines (5.0.1)
      System.Buffers (>= 4.5.1) - restriction: || (== net472) (&& (== netcoreapp3.1) (>= monotouch)) (&& (== netcoreapp3.1) (>= net461)) (&& (== netcoreapp3.1) (< netcoreapp2.0)) (&& (== netcoreapp3.1) (< netstandard2.0)) (&& (== netcoreapp3.1) (>= xamarinios)) (&& (== netcoreapp3.1) (>= xamarinmac)) (&& (== netcoreapp3.1) (>= xamarintvos)) (&& (== netcoreapp3.1) (>= xamarinwatchos))
      System.Memory (>= 4.5.4) - restriction: || (== net472) (&& (== netcoreapp3.1) (>= net461)) (&& (== netcoreapp3.1) (< netcoreapp2.0)) (&& (== netcoreapp3.1) (< netcoreapp2.1)) (&& (== netcoreapp3.1) (< netstandard2.0)) (&& (== netcoreapp3.1) (>= uap10.1))
      System.Threading.Tasks.Extensions (>= 4.5.4) - restriction: || (== net472) (&& (== netcoreapp3.1) (>= net461)) (&& (== netcoreapp3.1) (< netcoreapp2.0)) (&& (== netcoreapp3.1) (< netcoreapp2.1)) (&& (== netcoreapp3.1) (< netstandard2.0)) (&& (== netcoreapp3.1) (>= uap10.1))
    System.Linq (4.3) - restriction: || (&& (== net472) (< net35)) (== netcoreapp3.1)
      System.Collections (>= 4.3) - restriction: || (&& (== net472) (< net45)) (== netcoreapp3.1)
      System.Diagnostics.Debug (>= 4.3) - restriction: || (&& (== net472) (< net45)) (== netcoreapp3.1)
      System.Resources.ResourceManager (>= 4.3) - restriction: || (&& (== net472) (< net45)) (== netcoreapp3.1)
      System.Runtime (>= 4.3) - restriction: || (&& (== net472) (< net45)) (== netcoreapp3.1)
      System.Runtime.Extensions (>= 4.3) - restriction: || (&& (== net472) (< net45)) (== netcoreapp3.1)
    System.Linq.Expressions (4.3) - restriction: || (&& (== net472) (< net35)) (== netcoreapp3.1)
      System.Collections (>= 4.3) - restriction: || (&& (== net472) (< net45)) (== netcoreapp3.1)
      System.Diagnostics.Debug (>= 4.3) - restriction: || (&& (== net472) (< net45)) (== netcoreapp3.1)
      System.Globalization (>= 4.3) - restriction: || (&& (== net472) (< net45)) (== netcoreapp3.1)
      System.IO (>= 4.3) - restriction: || (&& (== net472) (< net45)) (== netcoreapp3.1)
      System.Linq (>= 4.3) - restriction: || (&& (== net472) (< net45)) (== netcoreapp3.1)
      System.ObjectModel (>= 4.3) - restriction: || (&& (== net472) (< net45)) (== netcoreapp3.1)
      System.Reflection (>= 4.3) - restriction: || (&& (== net472) (< net45)) (== netcoreapp3.1)
      System.Reflection.Emit (>= 4.3) - restriction: || (&& (== net472) (< net45)) (== netcoreapp3.1)
      System.Reflection.Emit.ILGeneration (>= 4.3) - restriction: || (&& (== net472) (< net45)) (== netcoreapp3.1)
      System.Reflection.Emit.Lightweight (>= 4.3) - restriction: || (&& (== net472) (< net45)) (== netcoreapp3.1)
      System.Reflection.Extensions (>= 4.3) - restriction: || (&& (== net472) (< net45)) (== netcoreapp3.1)
      System.Reflection.Primitives (>= 4.3) - restriction: || (&& (== net472) (< net45)) (== netcoreapp3.1)
      System.Reflection.TypeExtensions (>= 4.3) - restriction: || (&& (== net472) (< net45)) (== netcoreapp3.1)
      System.Resources.ResourceManager (>= 4.3) - restriction: || (&& (== net472) (< net45)) (== netcoreapp3.1)
      System.Runtime (>= 4.3) - restriction: || (&& (== net472) (< net45)) (== netcoreapp3.1)
      System.Runtime.Extensions (>= 4.3) - restriction: || (&& (== net472) (< net45)) (== netcoreapp3.1)
      System.Threading (>= 4.3) - restriction: || (&& (== net472) (< net45)) (== netcoreapp3.1)
    System.Memory (4.5.4)
      System.Buffers (>= 4.5.1) - restriction: || (== net472) (&& (== netcoreapp3.1) (>= monotouch)) (&& (== netcoreapp3.1) (>= net461)) (&& (== netcoreapp3.1) (< netcoreapp2.0)) (&& (== netcoreapp3.1) (< netstandard1.1)) (&& (== netcoreapp3.1) (< netstandard2.0)) (&& (== netcoreapp3.1) (>= xamarinios)) (&& (== netcoreapp3.1) (>= xamarinmac)) (&& (== netcoreapp3.1) (>= xamarintvos)) (&& (== netcoreapp3.1) (>= xamarinwatchos))
      System.Numerics.Vectors (>= 4.5) - restriction: || (== net472) (&& (== netcoreapp3.1) (>= net461))
      System.Runtime.CompilerServices.Unsafe (>= 4.5.3) - restriction: || (== net472) (&& (== netcoreapp3.1) (>= monotouch)) (&& (== netcoreapp3.1) (>= net461)) (&& (== netcoreapp3.1) (< netcoreapp2.0)) (&& (== netcoreapp3.1) (< netcoreapp2.1)) (&& (== netcoreapp3.1) (< netstandard1.1)) (&& (== netcoreapp3.1) (< netstandard2.0)) (&& (== netcoreapp3.1) (>= uap10.1)) (&& (== netcoreapp3.1) (>= xamarinios)) (&& (== netcoreapp3.1) (>= xamarinmac)) (&& (== netcoreapp3.1) (>= xamarintvos)) (&& (== netcoreapp3.1) (>= xamarinwatchos))
    System.Numerics.Vectors (4.5) - restriction: || (== net472) (&& (== netcoreapp3.1) (>= net461))
    System.ObjectModel (4.3) - restriction: || (&& (== net472) (< net35)) (== netcoreapp3.1)
      System.Collections (>= 4.3) - restriction: || (&& (== net472) (< net45)) (== netcoreapp3.1)
      System.Diagnostics.Debug (>= 4.3) - restriction: || (&& (== net472) (< net45)) (== netcoreapp3.1)
      System.Resources.ResourceManager (>= 4.3) - restriction: || (&& (== net472) (< net45)) (== netcoreapp3.1)
      System.Runtime (>= 4.3) - restriction: || (&& (== net472) (< net45)) (== netcoreapp3.1)
      System.Threading (>= 4.3) - restriction: || (&& (== net472) (< net45)) (== netcoreapp3.1)
    System.Reflection (4.3) - restriction: || (&& (== net472) (< net35)) (== netcoreapp3.1)
      Microsoft.NETCore.Platforms (>= 1.1) - restriction: || (&& (== net472) (< net45)) (== netcoreapp3.1)
      Microsoft.NETCore.Targets (>= 1.1) - restriction: || (&& (== net472) (< net45)) (== netcoreapp3.1)
      System.IO (>= 4.3) - restriction: || (&& (== net472) (< net45)) (== netcoreapp3.1)
      System.Reflection.Primitives (>= 4.3) - restriction: || (&& (== net472) (< net45)) (== netcoreapp3.1)
      System.Runtime (>= 4.3) - restriction: || (&& (== net472) (< net45)) (== netcoreapp3.1)
    System.Reflection.Emit (4.7)
    System.Reflection.Emit.ILGeneration (4.7) - restriction: || (&& (== net472) (< net35)) (== netcoreapp3.1)
    System.Reflection.Emit.Lightweight (4.7) - restriction: || (&& (== net472) (< net35)) (== netcoreapp3.1)
    System.Reflection.Extensions (4.3) - restriction: || (&& (== net472) (< net35)) (== netcoreapp3.1)
      Microsoft.NETCore.Platforms (>= 1.1) - restriction: || (&& (== net472) (< net45)) (== netcoreapp3.1)
      Microsoft.NETCore.Targets (>= 1.1) - restriction: || (&& (== net472) (< net45)) (== netcoreapp3.1)
      System.Reflection (>= 4.3) - restriction: || (&& (== net472) (< net45)) (== netcoreapp3.1)
      System.Runtime (>= 4.3) - restriction: || (&& (== net472) (< net45)) (== netcoreapp3.1)
    System.Reflection.Metadata (5.0)
      System.Collections.Immutable (>= 5.0)
    System.Reflection.Primitives (4.3) - restriction: || (&& (== net472) (< net35)) (== netcoreapp3.1)
      Microsoft.NETCore.Platforms (>= 1.1) - restriction: || (&& (== net472) (< net45)) (== netcoreapp3.1)
      Microsoft.NETCore.Targets (>= 1.1) - restriction: || (&& (== net472) (< net45)) (== netcoreapp3.1)
      System.Runtime (>= 4.3) - restriction: || (&& (== net472) (< net45)) (== netcoreapp3.1)
    System.Reflection.TypeExtensions (4.7) - restriction: || (&& (== net472) (< net461)) (&& (== net472) (>= net50)) (== netcoreapp3.1)
    System.Resources.ResourceManager (4.3) - restriction: || (&& (== net472) (< net35)) (== netcoreapp3.1)
      Microsoft.NETCore.Platforms (>= 1.1) - restriction: || (&& (== net472) (< net45)) (== netcoreapp3.1)
      Microsoft.NETCore.Targets (>= 1.1) - restriction: || (&& (== net472) (< net45)) (== netcoreapp3.1)
      System.Globalization (>= 4.3) - restriction: || (&& (== net472) (< net45)) (== netcoreapp3.1)
      System.Reflection (>= 4.3) - restriction: || (&& (== net472) (< net45)) (== netcoreapp3.1)
      System.Runtime (>= 4.3) - restriction: || (&& (== net472) (< net45)) (== netcoreapp3.1)
    System.Runtime (4.3.1)
      Microsoft.NETCore.Platforms (>= 1.1.1) - restriction: || (&& (== net472) (< net45)) (== netcoreapp3.1)
      Microsoft.NETCore.Targets (>= 1.1.3) - restriction: || (&& (== net472) (< net45)) (== netcoreapp3.1)
    System.Runtime.CompilerServices.Unsafe (5.0)
    System.Runtime.Extensions (4.3.1) - restriction: || (&& (== net472) (< net35)) (== netcoreapp3.1)
      Microsoft.NETCore.Platforms (>= 1.1.1) - restriction: || (&& (== net472) (< net45)) (== netcoreapp3.1)
      Microsoft.NETCore.Targets (>= 1.1.3) - restriction: || (&& (== net472) (< net45)) (== netcoreapp3.1)
      System.Runtime (>= 4.3.1) - restriction: || (&& (== net472) (< net45)) (== netcoreapp3.1)
    System.Runtime.Handles (4.3) - restriction: || (&& (== net472) (< net35)) (&& (== net472) (>= netcoreapp1.1)) (== netcoreapp3.1)
      Microsoft.NETCore.Platforms (>= 1.1) - restriction: || (&& (== net472) (< net46)) (== netcoreapp3.1)
      Microsoft.NETCore.Targets (>= 1.1) - restriction: || (&& (== net472) (< net46)) (== netcoreapp3.1)
      System.Runtime (>= 4.3) - restriction: || (&& (== net472) (< net46)) (== netcoreapp3.1)
    System.Runtime.InteropServices (4.3) - restriction: || (&& (== net472) (< net35)) (== netcoreapp3.1)
      Microsoft.NETCore.Platforms (>= 1.1) - restriction: || (&& (== net472) (< net45)) (&& (== net472) (>= netcoreapp1.1)) (== netcoreapp3.1)
      Microsoft.NETCore.Targets (>= 1.1) - restriction: || (&& (== net472) (< net45)) (&& (== net472) (>= netcoreapp1.1)) (== netcoreapp3.1)
      System.Reflection (>= 4.3) - restriction: || (&& (== net472) (< net45)) (&& (== net472) (>= netcoreapp1.1)) (== netcoreapp3.1)
      System.Reflection.Primitives (>= 4.3) - restriction: || (&& (== net472) (< net45)) (&& (== net472) (>= netcoreapp1.1)) (== netcoreapp3.1)
      System.Runtime (>= 4.3)
      System.Runtime.Handles (>= 4.3) - restriction: || (&& (== net472) (< net45)) (&& (== net472) (>= netcoreapp1.1)) (== netcoreapp3.1)
    System.Runtime.InteropServices.RuntimeInformation (4.3) - restriction: || (&& (== net472) (>= netcoreapp2.1)) (== netcoreapp3.1)
      runtime.native.System (>= 4.3) - restriction: || (&& (== net472) (< net45)) (== netcoreapp3.1)
      System.Reflection (>= 4.3) - restriction: || (&& (== net472) (< net45)) (== netcoreapp3.1)
      System.Reflection.Extensions (>= 4.3) - restriction: || (&& (== net472) (< net45)) (== netcoreapp3.1)
      System.Resources.ResourceManager (>= 4.3) - restriction: || (&& (== net472) (< net45)) (== netcoreapp3.1)
      System.Runtime (>= 4.3) - restriction: || (&& (== net472) (< net45)) (== netcoreapp3.1)
      System.Runtime.InteropServices (>= 4.3) - restriction: || (&& (== net472) (< net45)) (== netcoreapp3.1)
      System.Threading (>= 4.3) - restriction: || (&& (== net472) (< net45)) (== netcoreapp3.1)
    System.Security.Cryptography.Algorithms (4.3.1) - restriction: || (== net472) (&& (== netcoreapp3.1) (>= net461))
      System.IO (>= 4.3)
      System.Runtime (>= 4.3)
      System.Security.Cryptography.Encoding (>= 4.3)
      System.Security.Cryptography.Primitives (>= 4.3)
    System.Security.Cryptography.Encoding (4.3) - restriction: || (== net472) (&& (== netcoreapp3.1) (>= net461)) (&& (== netcoreapp3.1) (>= net463))
    System.Security.Cryptography.Primitives (4.3) - restriction: || (== net472) (&& (== netcoreapp3.1) (>= net461)) (&& (== netcoreapp3.1) (>= net463))
    System.Text.Encoding (4.3) - restriction: || (&& (== net472) (< net35)) (== netcoreapp3.1)
      Microsoft.NETCore.Platforms (>= 1.1) - restriction: || (&& (== net472) (< net45)) (== netcoreapp3.1)
      Microsoft.NETCore.Targets (>= 1.1) - restriction: || (&& (== net472) (< net45)) (== netcoreapp3.1)
      System.Runtime (>= 4.3) - restriction: || (&& (== net472) (< net45)) (== netcoreapp3.1)
    System.Text.Encoding.CodePages (5.0)
      Microsoft.NETCore.Platforms (>= 5.0) - restriction: || (&& (== net472) (>= net50)) (&& (== net472) (>= netcoreapp2.0)) (== netcoreapp3.1)
      System.Runtime.CompilerServices.Unsafe (>= 5.0)
    System.Text.Encoding.Extensions (4.3) - restriction: || (&& (== net472) (< net35)) (== netcoreapp3.1)
      Microsoft.NETCore.Platforms (>= 1.1) - restriction: || (&& (== net472) (< net45)) (== netcoreapp3.1)
      Microsoft.NETCore.Targets (>= 1.1) - restriction: || (&& (== net472) (< net45)) (== netcoreapp3.1)
      System.Runtime (>= 4.3) - restriction: || (&& (== net472) (< net45)) (== netcoreapp3.1)
      System.Text.Encoding (>= 4.3) - restriction: || (&& (== net472) (< net45)) (== netcoreapp3.1)
    System.Text.Encodings.Web (5.0)
      System.Memory (>= 4.5.4) - restriction: || (== net472) (&& (== netcoreapp3.1) (>= net461)) (&& (== netcoreapp3.1) (< netcoreapp2.1) (< netstandard2.1)) (&& (== netcoreapp3.1) (>= uap10.1))
    System.Text.Json (5.0.1) - restriction: || (&& (== net472) (>= monoandroid)) (&& (== net472) (>= monotouch)) (&& (== net472) (< net40)) (&& (== net472) (>= netcoreapp2.0)) (&& (== net472) (>= netcoreapp2.1)) (&& (== net472) (< netstandard2.0) (>= xamarintvos)) (&& (== net472) (< netstandard2.0) (>= xamarinwatchos)) (&& (== net472) (>= uap10.1)) (&& (== net472) (>= xamarinios)) (&& (== net472) (>= xamarinmac)) (== netcoreapp3.1)
    System.Text.RegularExpressions (4.3.1) - restriction: || (&& (== net472) (< net35)) (== netcoreapp3.1)
      System.Runtime (>= 4.3.1) - restriction: || (&& (== net472) (< net45)) (&& (== net472) (>= netcoreapp1.1)) (== netcoreapp3.1)
    System.Threading (4.3) - restriction: || (&& (== net472) (< net35)) (== netcoreapp3.1)
      System.Runtime (>= 4.3) - restriction: || (&& (== net472) (< net45)) (== netcoreapp3.1)
      System.Threading.Tasks (>= 4.3) - restriction: || (&& (== net472) (< net45)) (== netcoreapp3.1)
    System.Threading.Tasks (4.3) - restriction: || (&& (== net472) (< net35)) (== netcoreapp3.1)
      Microsoft.NETCore.Platforms (>= 1.1) - restriction: || (&& (== net472) (< net45)) (== netcoreapp3.1)
      Microsoft.NETCore.Targets (>= 1.1) - restriction: || (&& (== net472) (< net45)) (== netcoreapp3.1)
      System.Runtime (>= 4.3) - restriction: || (&& (== net472) (< net45)) (== netcoreapp3.1)
    System.Threading.Tasks.Extensions (4.5.4)
      System.Runtime.CompilerServices.Unsafe (>= 4.5.3) - restriction: || (== net472) (&& (== netcoreapp3.1) (>= net461)) (&& (== netcoreapp3.1) (< netcoreapp2.1)) (&& (== netcoreapp3.1) (< netstandard1.0)) (&& (== netcoreapp3.1) (< netstandard2.0)) (&& (== netcoreapp3.1) (>= wp8))
    System.ValueTuple (4.5) - restriction: || (== net472) (&& (== netcoreapp3.1) (>= net461))
    System.Xml.ReaderWriter (4.3.1) - restriction: || (&& (== net472) (< net35)) (== netcoreapp3.1)
      System.Collections (>= 4.3) - restriction: || (&& (== net472) (< net45)) (== netcoreapp3.1)
      System.Diagnostics.Debug (>= 4.3) - restriction: || (&& (== net472) (< net45)) (== netcoreapp3.1)
      System.Globalization (>= 4.3) - restriction: || (&& (== net472) (< net45)) (== netcoreapp3.1)
      System.IO (>= 4.3) - restriction: || (&& (== net472) (< net45)) (== netcoreapp3.1)
      System.IO.FileSystem (>= 4.3) - restriction: || (&& (== net472) (< net45)) (== netcoreapp3.1)
      System.IO.FileSystem.Primitives (>= 4.3) - restriction: || (&& (== net472) (< net45)) (== netcoreapp3.1)
      System.Resources.ResourceManager (>= 4.3) - restriction: || (&& (== net472) (< net45)) (== netcoreapp3.1)
      System.Runtime (>= 4.3) - restriction: || (&& (== net472) (< net45)) (== netcoreapp3.1)
      System.Runtime.Extensions (>= 4.3) - restriction: || (&& (== net472) (< net45)) (== netcoreapp3.1)
      System.Runtime.InteropServices (>= 4.3) - restriction: || (&& (== net472) (< net45)) (== netcoreapp3.1)
      System.Text.Encoding (>= 4.3) - restriction: || (&& (== net472) (< net45)) (== netcoreapp3.1)
      System.Text.Encoding.Extensions (>= 4.3) - restriction: || (&& (== net472) (< net45)) (== netcoreapp3.1)
      System.Text.RegularExpressions (>= 4.3) - restriction: || (&& (== net472) (< net45)) (== netcoreapp3.1)
      System.Threading.Tasks (>= 4.3) - restriction: || (&& (== net472) (< net45)) (== netcoreapp3.1)
      System.Threading.Tasks.Extensions (>= 4.3) - restriction: || (&& (== net472) (< net45)) (== netcoreapp3.1)
    System.Xml.XmlDocument (4.3) - restriction: || (&& (== net472) (< net35)) (== netcoreapp3.1)
      System.Collections (>= 4.3) - restriction: || (&& (== net472) (< net46)) (== netcoreapp3.1)
      System.Diagnostics.Debug (>= 4.3) - restriction: || (&& (== net472) (< net46)) (== netcoreapp3.1)
      System.Globalization (>= 4.3) - restriction: || (&& (== net472) (< net46)) (== netcoreapp3.1)
      System.IO (>= 4.3) - restriction: || (&& (== net472) (< net46)) (== netcoreapp3.1)
      System.Resources.ResourceManager (>= 4.3) - restriction: || (&& (== net472) (< net46)) (== netcoreapp3.1)
      System.Runtime (>= 4.3) - restriction: || (&& (== net472) (< net46)) (== netcoreapp3.1)
      System.Runtime.Extensions (>= 4.3) - restriction: || (&& (== net472) (< net46)) (== netcoreapp3.1)
      System.Text.Encoding (>= 4.3) - restriction: || (&& (== net472) (< net46)) (== netcoreapp3.1)
      System.Threading (>= 4.3) - restriction: || (&& (== net472) (< net46)) (== netcoreapp3.1)
      System.Xml.ReaderWriter (>= 4.3) - restriction: || (&& (== net472) (< net46)) (== netcoreapp3.1)
    xunit (2.4.1)
      xunit.analyzers (>= 0.10)
      xunit.assert (2.4.1)
      xunit.core (2.4.1)
    xunit.abstractions (2.0.3)
    xunit.analyzers (0.10)
    xunit.assert (2.4.1)
      NETStandard.Library (>= 1.6.1) - restriction: || (&& (== net472) (< net452)) (== netcoreapp3.1)
    xunit.core (2.4.1)
      xunit.extensibility.core (2.4.1)
      xunit.extensibility.execution (2.4.1)
    xunit.extensibility.core (2.4.1)
      NETStandard.Library (>= 1.6.1) - restriction: || (&& (== net472) (< net452)) (== netcoreapp3.1)
      xunit.abstractions (>= 2.0.3)
    xunit.extensibility.execution (2.4.1)
      NETStandard.Library (>= 1.6.1) - restriction: || (&& (== net472) (< net452)) (== netcoreapp3.1)
      xunit.extensibility.core (2.4.1)
    xunit.runner.visualstudio (2.4.3)
    YUICompressor.NET (3.1)
      EcmaScript.NET (>= 2.0)
